GEM
  remote: https://rubygems.org/
  specs:
    SassyLists (0.4.8)
      compass (>= 0.12.1)
      sass (>= 3.2.0)
    bourbon (3.1.8)
      sass (>= 3.2.0)
      thor
    chunky_png (1.2.9)
    compass (0.12.2)
      chunky_png (~> 1.2)
      fssm (>= 0.2.7)
      sass (~> 3.1)
    fssm (0.2.10)
    sass (3.2.13)
    thor (0.18.1)

PLATFORMS
  ruby

DEPENDENCIES
  SassyLists
  bourbon
  compass
  sass
